PATH
  remote: .
  specs:
    faker (1.7.0)
      i18n (~> 0.5)

GEM
  remote: https://rubygems.org/
  specs:
    activesupport (5.0.1)
      concurrent-ruby (~> 1.0, >= 1.0.2)
      i18n (~> 0.7)
      minitest (~> 5.1)
      tzinfo (~> 1.1)
    addressable (2.5.0)
      public_suffix (~> 2.0, >= 2.0.2)
    concurrent-ruby (1.0.3)
    faraday (0.10.0)
      multipart-post (>= 1.2, < 3)
    faraday-http-cache (2.0.0)
      faraday (~> 0.8)
    github_changelog_generator (1.14.2)
      activesupport
      faraday-http-cache
      multi_json
      octokit (~> 4.6)
      rainbow (>= 2.1)
      rake (>= 10.0)
      retriable (~> 2.1)
    i18n (0.7.0)
    minitest (5.8.3)
    multi_json (1.12.1)
    multipart-post (2.0.0)
    octokit (4.6.2)
      sawyer (~> 0.8.0, >= 0.5.3)
    public_suffix (2.0.4)
    rainbow (2.1.0)
    rake (10.1.0)
    retriable (2.1.0)
    sawyer (0.8.1)
      addressable (>= 2.3.5, < 2.6)
      faraday (~> 0.8, < 1.0)
    test-unit (2.5.5)
    thread_safe (0.3.5)
    timecop (0.8.1)
    tzinfo (1.2.2)
      thread_safe (~> 0.1)

PLATFORMS
  ruby

DEPENDENCIES
  faker!
  github_changelog_generator (~> 1.14)
  minitest
  rake
  test-unit
  timecop
