PATH
  remote: .
  specs:
    faker (0.9.5)
      i18n (~> 0.4)

GEM
  remote: http://rubygems.org/
  specs:
    i18n (0.5.0)

PLATFORMS
  ruby

DEPENDENCIES
  faker!
